GEM
  remote: https://rubygems.org/
  specs:
    asciidoctor (0.1.4)

PLATFORMS
  ruby

DEPENDENCIES
  asciidoctor
